GEM
  remote: https://rubygems.org/
  specs:
    nokogiri (1.5.8)
    pg (0.18.1)
    sequel (3.45.0)
    sequel_pg (1.6.11)
      pg (>= 0.8.0)
      sequel (>= 3.39.0)
    tlsmail (0.0.1)

PLATFORMS
  ruby

DEPENDENCIES
  nokogiri
  sequel
  sequel_pg
  tlsmail

BUNDLED WITH
   1.11.2
